GEM
  remote: http://rubygems.org/
  specs:
    activemodel (3.2.22.5)
      activesupport (= 3.2.22.5)
      builder (~> 3.0.0)
    activerecord (3.2.22.5)
      activemodel (= 3.2.22.5)
      activesupport (= 3.2.22.5)
      arel (~> 3.0.2)
      tzinfo (~> 0.3.29)
    activesupport (3.2.22.5)
      i18n (~> 0.6, >= 0.6.4)
      multi_json (~> 1.0)
    arel (3.0.3)
    builder (3.0.4)
    concurrent-ruby (1.1.4)
    i18n (0.9.5)
      concurrent-ruby (~> 1.0)
    metaclass (0.0.4)
    mocha (1.8.0)
      metaclass (~> 0.0.1)
    multi_json (1.13.1)
    power_assert (1.1.3)
    rake (12.3.2)
    sqlite3 (1.3.10)
    test-unit (3.3.0)
      power_assert
    tzinfo (0.3.55)
    will_paginate (3.0.12)

PLATFORMS
  ruby

DEPENDENCIES
  activerecord (~> 3.2.9)
  mocha
  rake
  sqlite3
  test-unit
  will_paginate (~> 3.0.3)

BUNDLED WITH
   2.0.1
